{
    "TaskName": "OTCG",
    "MagneticFieldStrength": 3,
    "ImagingFrequency": 127.764,
    "Manufacturer": "GE",
    "ManufacturersModelName": "DISCOVERY_MR750",
    "InstitutionName": "NCKU",
    "DeviceSerialNumber": "00000000GEMRGEMR",
    "StationName": "GEMRGEMR",
    "BodyPartExamined": "HEAD",
    "PatientPosition": "HFS",
    "SoftwareVersions": "27_LX_MR_Software_release:DV25.1_R02_1649.a",
    "MRAcquisitionType": "2D",
    "SeriesDescription": "hypervote_run_1",
    "ProtocolName": "hypervote_run_1",
    "ScanningSequence": "EP_GR",
    "SequenceVariant": "SS",
    "ScanOptions": "EPI_GEMS_ACC_GEMS",
    "ImageType": [
        "ORIGINAL",
        "PRIMARY",
        "EPI",
        "NONE"
    ],
    "SeriesNumber": 6,
    "AcquisitionTime": "09:45:6.000000",
    "AcquisitionNumber": 1,
    "SliceThickness": 3,
    "SpacingBetweenSlices": 3,
    "SAR": 0.413983,
    "EchoTime": 0.033,
    "RepetitionTime": 2,
    "FlipAngle": 90,
    "PhaseEncodingPolarityGE": "Flipped",
    "CoilString": "8HRBRAIN",
    "PercentPhaseFOV": 100,
    "AcquisitionMatrixPE": 64,
    "ReconMatrixPE": 64,
    "EffectiveEchoSpacing": 0.00042,
    "TotalReadoutTime": 0.02646,
    "PixelBandwidth": 7812.5,
    "PhaseEncodingDirection": "j",
    "SliceTiming": [
        0,
        1,
        0.05,
        1.05,
        0.0999999,
        1.1,
        0.15,
        1.15,
        0.2,
        1.2,
        0.25,
        1.25,
        0.3,
        1.3,
        0.35,
        1.35,
        0.4,
        1.4,
        0.45,
        1.45,
        0.5,
        1.5,
        0.55,
        1.55,
        0.6,
        1.6,
        0.65,
        1.65,
        0.7,
        1.7,
        0.75,
        1.75,
        0.8,
        1.8,
        0.85,
        1.85,
        0.9,
        1.9,
        0.95,
        1.95
    ],
    "ImageOrientationPatientDICOM": [
        0.99627,
        -0.0733264,
        0.0454939,
        0.0711341,
        0.996308,
        0.048073
    ],
    "InPlanePhaseEncodingDirectionDICOM": "COL",
    "ConversionSoftware": "dcm2niix",
    "ConversionSoftwareVersion": "v1.0.20181125  GCC5.4.0",
    "DelayTime": 0,
    "AcquisitionDuration": 2.0,
    "DelayAfterTrigger": 0,
    "GradientSetType": "default",
    "MRTransmitCoilSequence": "standard",
    "MatrixCoilMode": "default",
    "CoilCombinationMethod": "rSOS",
    "PulseSequenceType": "EPI",
    "MTState": false,
    "SpoilingState": false,
    "NumberShots": 1,
    "ParallelReductionFactorInPlane": 2,
    "ParallelReductionFactorOutOfPlane": 1,
    "ParallelAcquisitionTechnique": "GRAPPA",
    "PartialFourierDirection": "PHASE",
    "MixingTime": 0,
    "InversionTime": 0.9
}